GEM
  remote: https://rubygems.org/
  specs:
    backport (1.2.0)
    debase (0.2.4.1)
      debase-ruby_core_source (>= 0.10.2)
    debase-ruby_core_source (3.3.1)
    rake (13.1.0)
    readapt (2.0.0)
      backport (~> 1.2)
      thor (~> 1.0)
    require_all (3.0.0)
    ruby-debug-ide (0.7.3)
      rake (>= 0.8.1)
    thor (1.3.1)

PLATFORMS
  x64-mingw-ucrt

DEPENDENCIES
  debase
  readapt
  require_all
  ruby-debug-ide (~> 0.7.3)

BUNDLED WITH
   2.5.6
